PATH
  remote: .
  specs:
    beryl (0.2.2)
      bowser
      opal
      puma
      rack

GEM
  remote: https://rubygems.org/
  specs:
    ast (2.4.0)
    bowser (1.0.4)
      opal (>= 0.7.0, < 0.12.0)
    hike (1.2.3)
    minitest (5.11.3)
    opal (0.11.3)
      ast (>= 2.3.0)
      hike (~> 1.2)
      parser (= 2.3.3.1)
      sourcemap (~> 0.1.0)
    parser (2.3.3.1)
      ast (~> 2.2)
    puma (3.12.0)
    rack (2.0.5)
    rake (10.5.0)
    sourcemap (0.1.1)

PLATFORMS
  ruby

DEPENDENCIES
  beryl!
  bundler (~> 1.16)
  minitest (~> 5.0)
  rake (~> 10.0)

BUNDLED WITH
   1.16.5
